GEM
  specs:
    activesupport (3.0.1)
    addressable (2.2.2)
    chronic (0.3.0)
    crack (0.1.8)
    data_objects (0.10.2)
      addressable (~> 2.1)
    dm-core (1.0.2)
      addressable (~> 2.2)
      extlib (~> 0.9.15)
    dm-do-adapter (1.0.2)
      data_objects (~> 0.10.2)
      dm-core (~> 1.0.2)
    dm-migrations (1.0.2)
      dm-core (~> 1.0.2)
    dm-sqlite-adapter (1.0.2)
      dm-do-adapter (~> 1.0.2)
      do_sqlite3 (~> 0.10.2)
    do_sqlite3 (0.10.2)
      data_objects (= 0.10.2)
    eventmachine (0.12.10)
    extlib (0.9.15)
    httparty (0.6.1)
      crack (= 0.1.8)
    json (1.4.6)
    mime-types (1.16)
    roauth (0.0.3)
    twitter-stream (0.1.10)
      eventmachine (>= 0.12.8)
      roauth (>= 0.0.2)

PLATFORMS
  ruby

DEPENDENCIES
  activesupport
  chronic
  dm-core
  dm-migrations
  dm-sqlite-adapter
  do_sqlite3
  httparty
  json
  mime-types
  twitter-stream
